PATH
  remote: .
  specs:
    fluent-plugin-connect (0.0.2)
      avro (~> 1.8)
      fluentd (>= 0.10.58, < 2)
      ltsv (~> 0)
      ruby-kafka (~> 0.3.11)

GEM
  remote: https://rubygems.org/
  specs:
    avro (1.8.1)
      multi_json
    cool.io (1.4.5)
    fluentd (0.14.9)
      cool.io (~> 1.4.5)
      http_parser.rb (>= 0.5.1, < 0.7.0)
      msgpack (>= 0.7.0, < 2.0.0)
      serverengine (~> 2.0)
      sigdump (~> 0.2.2)
      strptime (~> 0.1.7)
      tzinfo (~> 1.0)
      tzinfo-data (~> 1.0)
      yajl-ruby (~> 1.0)
    http_parser.rb (0.6.0)
    ltsv (0.1.0)
    msgpack (1.0.2)
    multi_json (1.12.1)
    power_assert (0.4.1)
    rake (11.3.0)
    ruby-kafka (0.3.15)
    serverengine (2.0.4)
      sigdump (~> 0.2.2)
    sigdump (0.2.4)
    strptime (0.1.8)
    test-unit (3.2.3)
      power_assert
    thread_safe (0.3.5)
    tzinfo (1.2.2)
      thread_safe (~> 0.1)
    tzinfo-data (1.2016.10)
      tzinfo (>= 1.0.0)
    yajl-ruby (1.3.0)

PLATFORMS
  ruby

DEPENDENCIES
  fluent-plugin-connect!
  rake (>= 0.9.2)
  test-unit (~> 3.0, >= 3.0.8)

BUNDLED WITH
   1.13.6
